GEM
  remote: https://rubygems.org/
  specs:
    backports (3.6.8)
    better_errors (2.1.1)
      coderay (>= 1.0.0)
      erubis (>= 2.6.6)
      rack (>= 0.9.0)
    binding_of_caller (0.7.2)
      debug_inspector (>= 0.0.1)
    coderay (1.1.1)
    colorize (0.8.1)
    debug_inspector (0.0.2)
    erubis (2.7.0)
    method_source (0.8.2)
    multi_json (1.12.1)
    pry (0.10.3)
      coderay (~> 1.1.0)
      method_source (~> 0.8.1)
      slop (~> 3.4)
    pry-nav (0.2.4)
      pry (>= 0.9.10, < 0.11.0)
    rack (1.6.4)
    rack-protection (1.5.3)
      rack
    rack-test (0.6.3)
      rack (>= 1.0)
    redis (3.3.0)
    redis-sinatra (1.4.0)
      redis-store (~> 1.1.0)
      sinatra (~> 1.4.0)
    redis-store (1.1.7)
      redis (>= 2.2)
    sinatra (1.4.7)
      rack (~> 1.5)
      rack-protection (~> 1.4)
      tilt (>= 1.3, < 3)
    sinatra-contrib (1.4.7)
      backports (>= 2.0)
      multi_json
      rack-protection
      rack-test
      sinatra (~> 1.4.0)
      tilt (>= 1.3, < 3)
    slop (3.6.0)
    tilt (2.0.5)

PLATFORMS
  ruby

DEPENDENCIES
  better_errors
  binding_of_caller
  colorize
  pry
  pry-nav
  redis-sinatra
  sinatra
  sinatra-contrib

BUNDLED WITH
   1.11.2
